GEM
  remote: https://rubygems.org/
  specs:
    bson (3.2.6)
    json (1.8.3)
    mongo (2.1.0)
      bson (~> 3.0)
    uri (4.4.29)

PLATFORMS
  ruby

DEPENDENCIES
  json
  mongo (= 2.1)
  uri

BUNDLED WITH
   1.10.6
