GEM
  remote: https://rubygems.org/
  specs:
    bson (3.2.6)
    elasticsearch (1.0.15)
      elasticsearch-api (= 1.0.15)
      elasticsearch-transport (= 1.0.15)
    elasticsearch-api (1.0.15)
      multi_json
    elasticsearch-transport (1.0.15)
      faraday
      multi_json
    faraday (0.9.2)
      multipart-post (>= 1.2, < 3)
    json (1.8.3)
    mongo (2.1.0)
      bson (~> 3.0)
    multi_json (1.11.2)
    multipart-post (2.0.0)
    openssl (0.2.0)
    redis (3.2.2)
    rethinkdb (2.2.0.2)
      json
    uri (4.4.29)

PLATFORMS
  ruby

DEPENDENCIES
  elasticsearch
  json
  mongo (= 2.1)
  openssl (>= 0.2)
  redis (>= 3.2)
  rethinkdb (>= 2.2)
  uri

BUNDLED WITH
   1.11.0
